PATH
  remote: .
  specs:
    project-core (0.0.0)
      coreyja-test-gem
      coreyja-test-gem-2 (= 0.0.1)

GEM
  remote: http://www.rubygems.org/
  specs:
    coreyja-test-gem (0.0.2)
    coreyja-test-gem-2 (0.0.1)

PLATFORMS
  ruby

DEPENDENCIES
  project-core!

BUNDLED WITH
   1.16.0.pre.3
