PATH
  remote: ../project-core
  specs:
    project-core (0.0.0)
      coreyja-test-gem

GEM
  specs:
    coreyja-test-gem (0.0.0)

PLATFORMS
  ruby

DEPENDENCIES
  project-core!

BUNDLED WITH
   1.16.0.pre.3
