PATH
  remote: ../project-core
  specs:
    project-core (0.0.0)
      coreyja-test-gem
      coreyja-test-gem-2 (= 0.0.2)

GEM
  remote: https://rubygems.org/
  specs:
    coreyja-test-gem (0.0.4)
    coreyja-test-gem-2 (0.0.2)

PLATFORMS
  ruby

DEPENDENCIES
  project-core!

BUNDLED WITH
   1.16.0.pre.3
