PATH
  remote: ../project-core
  specs:
    project-core (0.0.0)

GEM
  specs:

PLATFORMS
  ruby

DEPENDENCIES
  project-core!

BUNDLED WITH
   1.16.0.pre.3
